FRAMEWORK: >= NET40
NUGET
  remote: http://www.nuget.org/api/v2
    Chessie (0.6)
      FSharp.Core
    FSharp.Core (4.0.0.1)
    FSharp.Data (2.3.2)
    Suave (2.0.2)
      FSharp.Core (>= 4.0.0.1)
