FRAMEWORK: >= NET40
NUGET
  remote: http://www.nuget.org/api/v2
    Aether (8.1.2)
    Chessie (0.6)
      FSharp.Core
    Chiron (6.2.1)
      Aether (>= 8.0.2 < 9.0)
      FParsec (>= 1.0 < 2.0)
    DotLiquid (2.0.64)
    FParsec (1.0.2)
    FSharp.Core (4.0.0.1)
    Suave (2.0.2)
      FSharp.Core (>= 4.0.0.1)
    Suave.DotLiquid (2.0.2)
      DotLiquid (>= 2.0.64)
      FSharp.Core (>= 4.0.0.1)
      Suave (>= 2.0.2)
